GEM
  remote: https://rubygems.org/
  specs:
    backports (3.6.0)
    coderay (1.1.0)
    daemons (1.1.9)
    eventmachine (1.0.3)
    haml (4.0.5)
      tilt
    httparty (0.13.1)
      json (~> 1.8)
      multi_xml (>= 0.5.2)
    json (1.8.1)
    method_source (0.8.2)
    mina (0.3.0)
      open4
      rake
    multi_json (1.10.0)
    multi_xml (0.5.5)
    open4 (1.3.3)
    pry (0.9.12.6)
      coderay (~> 1.0)
      method_source (~> 0.8)
      slop (~> 3.4)
    rack (1.5.2)
    rack-protection (1.5.3)
      rack
    rack-test (0.6.2)
      rack (>= 1.0)
    rack_csrf (2.4.0)
      rack (>= 0.9)
    rake (10.3.1)
    shotgun (0.9)
      rack (>= 1.0)
    sinatra (1.4.5)
      rack (~> 1.4)
      rack-protection (~> 1.4)
      tilt (~> 1.3, >= 1.3.4)
    sinatra-contrib (1.4.2)
      backports (>= 2.0)
      multi_json
      rack-protection
      rack-test
      sinatra (~> 1.4.0)
      tilt (~> 1.3)
    slop (3.5.0)
    thin (1.6.2)
      daemons (>= 1.0.9)
      eventmachine (>= 1.0.0)
      rack (>= 1.0.0)
    tilt (1.4.1)

PLATFORMS
  ruby

DEPENDENCIES
  haml
  httparty
  mina
  pry
  rack_csrf
  shotgun
  sinatra
  sinatra-contrib
  thin
